GEM
  remote: https://rubygems.org/
  specs:
    childprocess (0.6.3)
      ffi (~> 1.0, >= 1.0.11)
    connection_pool (2.2.1)
    data_magic (1.0)
      faker (>= 1.1.2)
      yml_reader (>= 0.6)
    diff-lcs (1.3)
    faker (1.7.3)
      i18n (~> 0.5)
    ffi (1.9.18)
    i18n (0.8.1)
    net-http-persistent (3.0.0)
      connection_pool (~> 2.2)
    page-object (2.1.1)
      net-http-persistent (~> 3.0)
      page_navigation (>= 0.9)
      selenium-webdriver (~> 3.0)
      watir (~> 6.0)
    page_navigation (0.10)
      data_magic (>= 0.22)
    rspec (3.5.0)
      rspec-core (~> 3.5.0)
      rspec-expectations (~> 3.5.0)
      rspec-mocks (~> 3.5.0)
    rspec-core (3.5.4)
      rspec-support (~> 3.5.0)
    rspec-expectations (3.5.0)
      diff-lcs (>= 1.2.0, < 2.0)
      rspec-support (~> 3.5.0)
    rspec-mocks (3.5.0)
      diff-lcs (>= 1.2.0, < 2.0)
      rspec-support (~> 3.5.0)
    rspec-support (3.5.0)
    rubyzip (1.2.1)
    selenium-webdriver (3.3.0)
      childprocess (~> 0.5)
      rubyzip (~> 1.0)
      websocket (~> 1.0)
    watir (6.2.1)
      selenium-webdriver (~> 3.0)
    websocket (1.2.4)
    yml_reader (0.7)

PLATFORMS
  ruby

DEPENDENCIES
  page-object
  rspec
  selenium-webdriver

RUBY VERSION
   ruby 2.3.3p222

BUNDLED WITH
   1.14.6
